GEM
  remote: https://rubygems.org/
  specs:
    chronic (0.10.2)
    haml (3.1.8)
    maneki (1.1.0)
    moredown (1.3.0)
    mustermann (1.1.1)
      ruby2_keywords (~> 0.0.1)
    rack (2.2.1)
    rack-protection (2.0.8.1)
      rack
    ruby2_keywords (0.0.2)
    sass (3.4.22)
    sinatra (2.0.8.1)
      mustermann (~> 1.0)
      rack (~> 2.0)
      rack-protection (= 2.0.8.1)
      tilt (~> 2.0)
    tilt (2.0.10)

PLATFORMS
  ruby

DEPENDENCIES
  chronic (~> 0.10.2)
  haml (~> 3.1.7)
  maneki (~> 1.1.0)
  moredown (~> 1.3.0)
  sass (~> 3.4, >= 3.4.22)
  sinatra (~> 2.0.5, >= 2.0.0)

RUBY VERSION
   ruby 2.6.5p114

BUNDLED WITH
   1.17.3
