GEM
  remote: https://rubygems.org/
  specs:
    chronic (0.10.2)
    haml (3.1.8)
    maneki (1.1.0)
    moredown (1.3.0)
    rack (1.6.4)
    rack-protection (1.5.3)
      rack
    sass (3.4.22)
    sinatra (1.4.7)
      rack (~> 1.5)
      rack-protection (~> 1.4)
      tilt (>= 1.3, < 3)
    tilt (2.0.5)

PLATFORMS
  ruby

DEPENDENCIES
  chronic (~> 0.10.2)
  haml (~> 3.1.7)
  maneki (~> 1.1.0)
  moredown (~> 1.3.0)
  sass (~> 3.4, >= 3.4.22)
  sinatra (~> 1.4, >= 1.4.7)

RUBY VERSION
   ruby 2.3.1p112

BUNDLED WITH
   1.12.5
