GEM
  remote: https://rubygems.org/
  specs:
    chronic (0.9.1)
    haml (3.1.8)
    maneki (1.1.0)
    moredown (1.3.0)
    rack (1.5.2)
    rack-protection (1.5.3)
      rack
    sinatra (1.3.6)
      rack (~> 1.4)
      rack-protection (~> 1.3)
      tilt (~> 1.3, >= 1.3.3)
    tilt (1.4.1)

PLATFORMS
  ruby

DEPENDENCIES
  chronic (~> 0.9.1)
  haml (~> 3.1.7)
  maneki (~> 1.1.0)
  moredown (~> 1.3.0)
  sinatra (~> 1.3.3)
